{
  "PowerLineFrequency": 60,
  "TaskName": "PY",
  "EEGChannelCount": 34,
  "EEGReference": "M1 M2 ",
  "RecordingType": "epoched",
  "EpochLength": 1.3046875,
  "RecordingDuration": 1.3046875,
  "SamplingFrequency": 256,
  "EOGChannelCount": 0,
  "ECGChannelCount": 0,
  "EMGChannelCount": 0,
  "SoftwareFilters": "n/a"
}